PATH
  remote: .
  specs:
    prekladatelj (0.1.2)

GEM
  remote: https://rubygems.org/
  specs:
    nokogiri (1.11.7-x86_64-linux)
      racc (~> 1.4)
    racc (1.5.2)
    rake (12.3.3)

PLATFORMS
  ruby

DEPENDENCIES
  nokogiri
  prekladatelj!
  rake (~> 12.0)

BUNDLED WITH
   2.2.24
